PATH
  remote: .
  specs:
    tangle (0.5)
      activesupport (~> 3.2)
      aws-sdk (~> 1.11)
      em-ssh (~> 0.5.1)
      faye (~> 0.8)
      pry (~> 0.9)
      thin (~> 1.5)
      thor (~> 0.16)
      thrift (~> 0.9)

GEM
  remote: https://rubygems.org/
  specs:
    activesupport (3.2.12)
      i18n (~> 0.6)
      multi_json (~> 1.0)
    addressable (2.3.4)
    aws-sdk (1.11.3)
      json (~> 1.4)
      nokogiri (< 1.6.0)
      uuidtools (~> 2.1)
    capistrano (2.15.4)
      highline
      net-scp (>= 1.0.0)
      net-sftp (>= 2.0.0)
      net-ssh (>= 2.0.14)
      net-ssh-gateway (>= 1.1.0)
    coderay (1.0.9)
    cookiejar (0.3.0)
    daemons (1.1.9)
    diff-lcs (1.2.4)
    em-http-request (1.0.3)
      addressable (>= 2.2.3)
      cookiejar
      em-socksify
      eventmachine (>= 1.0.0.beta.4)
      http_parser.rb (>= 0.5.3)
    em-socksify (0.3.0)
      eventmachine (>= 1.0.0.beta.4)
    em-ssh (0.5.1)
      eventmachine
      net-ssh
    eventmachine (1.0.3)
    eventmachine (1.0.3-java)
    factory_girl (4.2.0)
      activesupport (>= 3.0.0)
    faker (1.1.2)
      i18n (~> 0.5)
    faye (0.8.9)
      cookiejar (>= 0.3.0)
      em-http-request (>= 0.3.0)
      eventmachine (>= 0.12.0)
      faye-websocket (>= 0.4.0)
      rack (>= 1.0.0)
      yajl-ruby (>= 1.0.0)
    faye-websocket (0.6.1)
      eventmachine (>= 0.12.0)
      websocket-driver (>= 0.2.0)
    ffi (1.9.0-java)
    highline (1.6.19)
    http_parser.rb (0.5.3)
    http_parser.rb (0.5.3-java)
    i18n (0.6.4)
    json (1.8.0)
    json (1.8.0-java)
    metaclass (0.0.1)
    method_source (0.8.1)
    mocha (0.14.0)
      metaclass (~> 0.0.1)
    multi_json (1.7.7)
    net-scp (1.1.1)
      net-ssh (>= 2.6.5)
    net-sftp (2.1.2)
      net-ssh (>= 2.6.5)
    net-ssh (2.6.7)
    net-ssh-gateway (1.2.0)
      net-ssh (>= 2.6.5)
    nokogiri (1.5.10)
    nokogiri (1.5.10-java)
    pry (0.9.12.2)
      coderay (~> 1.0.5)
      method_source (~> 0.8)
      slop (~> 3.4)
    pry (0.9.12.2-java)
      coderay (~> 1.0.5)
      method_source (~> 0.8)
      slop (~> 3.4)
      spoon (~> 0.0)
    pry-nav (0.2.3)
      pry (~> 0.9.10)
    rack (1.5.2)
    rake (10.0.4)
    rb-readline (0.5.0)
    redcarpet (2.3.0)
    rspec (2.13.0)
      rspec-core (~> 2.13.0)
      rspec-expectations (~> 2.13.0)
      rspec-mocks (~> 2.13.0)
    rspec-core (2.13.1)
    rspec-expectations (2.13.0)
      diff-lcs (>= 1.1.3, < 2.0)
    rspec-mocks (2.13.1)
    slop (3.4.5)
    spoon (0.0.4)
      ffi
    thin (1.5.1)
      daemons (>= 1.0.9)
      eventmachine (>= 0.12.6)
      rack (>= 1.0.0)
    thor (0.18.1)
    thrift (0.9.0)
    uuidtools (2.1.4)
    websocket-driver (0.2.0)
    websocket-driver (0.2.0-java)
    yajl-ruby (1.1.0)
    yard (0.8.6.1)

PLATFORMS
  java
  ruby

DEPENDENCIES
  capistrano (~> 2.15)
  factory_girl (~> 4.2)
  faker (~> 1.1)
  mocha (~> 0.10)
  pry-nav
  rake (~> 10.0)
  rb-readline
  redcarpet
  rspec (~> 2.13)
  tangle!
  yard
